GEM
  remote: https://rubygems.org/
  specs:
    eventmachine (1.0.9)
    ffi (1.9.17)
    pi_piper (2.0.0)
      eventmachine (= 1.0.9)
      ffi
    rack (1.6.5)
    rack-protection (1.5.3)
      rack
    sinatra (1.4.8)
      rack (~> 1.5)
      rack-protection (~> 1.4)
      tilt (>= 1.3, < 3)
    sinatra-param (1.4.0)
      sinatra (~> 1.3)
    tilt (2.0.6)

PLATFORMS
  ruby

DEPENDENCIES
  pi_piper
  sinatra
  sinatra-param

BUNDLED WITH
   1.13.6
